PATH
  remote: .
  specs:
    game_of_thrones (0.2.0)

GEM
  remote: http://rubygems.org/
  specs:
    activesupport (3.2.3)
      i18n (~> 0.6)
      multi_json (~> 1.0)
    benhutton-libmemcached_store (0.3.2)
      memcached
    diff-lcs (1.1.3)
    i18n (0.6.0)
    memcached (1.3.5)
    multi_json (1.3.4)
    rake (0.9.2)
    rspec (2.6.0)
      rspec-core (~> 2.6.0)
      rspec-expectations (~> 2.6.0)
      rspec-mocks (~> 2.6.0)
    rspec-core (2.6.4)
    rspec-expectations (2.6.0)
      diff-lcs (~> 1.1.2)
    rspec-mocks (2.6.0)

PLATFORMS
  ruby

DEPENDENCIES
  activesupport (> 3)
  benhutton-libmemcached_store
  game_of_thrones!
  memcached
  rake
  rspec (~> 2)
