PATH
  remote: .
  specs:
    gem_of_thrones (0.2.2)

GEM
  remote: https://rubygems.org/
  specs:
    activesupport (3.2.11)
      i18n (~> 0.6)
      multi_json (~> 1.0)
    benhutton-libmemcached_store (0.3.2)
      memcached
    bump (0.3.9)
    diff-lcs (1.1.3)
    i18n (0.6.1)
    memcached (1.5.0)
    multi_json (1.5.0)
    rake (10.0.3)
    rspec (2.12.0)
      rspec-core (~> 2.12.0)
      rspec-expectations (~> 2.12.0)
      rspec-mocks (~> 2.12.0)
    rspec-core (2.12.2)
    rspec-expectations (2.12.1)
      diff-lcs (~> 1.1.3)
    rspec-mocks (2.12.1)

PLATFORMS
  ruby

DEPENDENCIES
  activesupport (> 3)
  benhutton-libmemcached_store
  bump
  gem_of_thrones!
  memcached
  rake
  rspec (~> 2)
